RESTRICTION: || (== net471) (== netcoreapp2.0) (== netstandard2.0)
NUGET
  remote: https://api.nuget.org/v3/index.json
    Microsoft.NETCore.Platforms (2.0.2) - restriction: || (&& (== net471) (< net45)) (&& (== net471) (>= netcoreapp2.0)) (== netcoreapp2.0) (== netstandard2.0)
    Microsoft.NETCore.Targets (2.0) - restriction: || (&& (== net471) (< net45)) (== netcoreapp2.0) (== netstandard2.0)
    Microsoft.Win32.Primitives (4.0.1)
      Microsoft.NETCore.Platforms (>= 1.0.1) - restriction: || (&& (== net471) (< net46)) (== netcoreapp2.0) (== netstandard2.0)
      Microsoft.NETCore.Targets (>= 1.0.1) - restriction: || (&& (== net471) (< net46)) (== netcoreapp2.0) (== netstandard2.0)
      System.Runtime (>= 4.1) - restriction: || (&& (== net471) (< net46)) (== netcoreapp2.0) (== netstandard2.0)
    runtime.debian.8-x64.runtime.native.System.Security.Cryptography (4.3.3) - restriction: || (&& (== net471) (< net46)) (== netcoreapp2.0) (== netstandard2.0)
    runtime.fedora.23-x64.runtime.native.System.Security.Cryptography (4.3.3) - restriction: || (&& (== net471) (< net46)) (== netcoreapp2.0) (== netstandard2.0)
    runtime.fedora.24-x64.runtime.native.System.Security.Cryptography (4.3.3) - restriction: || (&& (== net471) (< net46)) (== netcoreapp2.0) (== netstandard2.0)
    runtime.native.System (4.3) - restriction: || (&& (== net471) (< net45)) (== netcoreapp2.0) (== netstandard2.0)
      Microsoft.NETCore.Platforms (>= 1.1)
      Microsoft.NETCore.Targets (>= 1.1)
    runtime.native.System.Net.Http (4.3) - restriction: || (&& (== net471) (< net45)) (== netcoreapp2.0) (== netstandard2.0)
      Microsoft.NETCore.Platforms (>= 1.1)
      Microsoft.NETCore.Targets (>= 1.1)
    runtime.native.System.Security.Cryptography (4.3.3) - restriction: || (&& (== net471) (< net46)) (== netcoreapp2.0) (== netstandard2.0)
      runtime.debian.8-x64.runtime.native.System.Security.Cryptography (>= 4.3.3)
      runtime.fedora.23-x64.runtime.native.System.Security.Cryptography (>= 4.3.3)
      runtime.fedora.24-x64.runtime.native.System.Security.Cryptography (>= 4.3.3)
      runtime.opensuse.13.2-x64.runtime.native.System.Security.Cryptography (>= 4.3.3)
      runtime.opensuse.42.1-x64.runtime.native.System.Security.Cryptography (>= 4.3.3)
      runtime.osx.10.10-x64.runtime.native.System.Security.Cryptography (>= 4.3.3)
      runtime.rhel.7-x64.runtime.native.System.Security.Cryptography (>= 4.3.3)
      runtime.ubuntu.14.04-x64.runtime.native.System.Security.Cryptography (>= 4.3.3)
      runtime.ubuntu.16.04-x64.runtime.native.System.Security.Cryptography (>= 4.3.3)
      runtime.ubuntu.16.10-x64.runtime.native.System.Security.Cryptography (>= 4.3.3)
    runtime.opensuse.13.2-x64.runtime.native.System.Security.Cryptography (4.3.3) - restriction: || (&& (== net471) (< net46)) (== netcoreapp2.0) (== netstandard2.0)
    runtime.opensuse.42.1-x64.runtime.native.System.Security.Cryptography (4.3.3) - restriction: || (&& (== net471) (< net46)) (== netcoreapp2.0) (== netstandard2.0)
    runtime.osx.10.10-x64.runtime.native.System.Security.Cryptography (4.3.3) - restriction: || (&& (== net471) (< net46)) (== netcoreapp2.0) (== netstandard2.0)
    runtime.rhel.7-x64.runtime.native.System.Security.Cryptography (4.3.3) - restriction: || (&& (== net471) (< net46)) (== netcoreapp2.0) (== netstandard2.0)
    runtime.ubuntu.14.04-x64.runtime.native.System.Security.Cryptography (4.3.3) - restriction: || (&& (== net471) (< net46)) (== netcoreapp2.0) (== netstandard2.0)
    runtime.ubuntu.16.04-x64.runtime.native.System.Security.Cryptography (4.3.3) - restriction: || (&& (== net471) (< net46)) (== netcoreapp2.0) (== netstandard2.0)
    runtime.ubuntu.16.10-x64.runtime.native.System.Security.Cryptography (4.3.3) - restriction: || (&& (== net471) (< net46)) (== netcoreapp2.0) (== netstandard2.0)
    System.Collections (4.0.11) - restriction: || (&& (== net471) (< net46)) (== netcoreapp2.0) (== netstandard2.0)
      Microsoft.NETCore.Platforms (>= 1.0.1) - restriction: || (&& (== net471) (>= dnxcore50)) (&& (== net471) (< net45)) (== netcoreapp2.0) (== netstandard2.0)
      Microsoft.NETCore.Targets (>= 1.0.1) - restriction: || (&& (== net471) (>= dnxcore50)) (&& (== net471) (< net45)) (== netcoreapp2.0) (== netstandard2.0)
      System.Runtime (>= 4.1) - restriction: || (&& (== net471) (>= dnxcore50)) (&& (== net471) (< net45)) (== netcoreapp2.0) (== netstandard2.0)
    System.Collections.Concurrent (4.0.12) - restriction: || (&& (== net471) (< net46)) (== netcoreapp2.0) (== netstandard2.0)
      System.Collections (>= 4.0.11) - restriction: || (&& (== net471) (>= dnxcore50)) (&& (== net471) (< net45)) (== netcoreapp2.0) (== netstandard2.0)
      System.Diagnostics.Debug (>= 4.0.11) - restriction: || (&& (== net471) (>= dnxcore50)) (&& (== net471) (< net45)) (== netcoreapp2.0) (== netstandard2.0)
      System.Diagnostics.Tracing (>= 4.1) - restriction: || (&& (== net471) (>= dnxcore50)) (&& (== net471) (< net45)) (== netcoreapp2.0) (== netstandard2.0)
      System.Globalization (>= 4.0.11) - restriction: || (&& (== net471) (>= dnxcore50)) (&& (== net471) (< net45)) (== netcoreapp2.0) (== netstandard2.0)
      System.Reflection (>= 4.1) - restriction: || (&& (== net471) (< net45)) (== netcoreapp2.0) (== netstandard2.0)
      System.Resources.ResourceManager (>= 4.0.1) - restriction: || (&& (== net471) (>= dnxcore50)) (&& (== net471) (< net45)) (== netcoreapp2.0) (== netstandard2.0)
      System.Runtime (>= 4.1) - restriction: || (&& (== net471) (>= dnxcore50)) (&& (== net471) (< net45)) (== netcoreapp2.0) (== netstandard2.0)
      System.Runtime.Extensions (>= 4.1) - restriction: || (&& (== net471) (>= dnxcore50)) (&& (== net471) (< net45)) (== netcoreapp2.0) (== netstandard2.0)
      System.Threading (>= 4.0.11) - restriction: || (&& (== net471) (>= dnxcore50)) (&& (== net471) (< net45)) (== netcoreapp2.0) (== netstandard2.0)
      System.Threading.Tasks (>= 4.0.11) - restriction: || (&& (== net471) (>= dnxcore50)) (&& (== net471) (< net45)) (== netcoreapp2.0) (== netstandard2.0)
    System.Diagnostics.Debug (4.0.11) - restriction: || (&& (== net471) (>= dnxcore50)) (&& (== net471) (< net45)) (== netcoreapp2.0) (== netstandard2.0)
      Microsoft.NETCore.Platforms (>= 1.0.1) - restriction: || (&& (== net471) (>= dnxcore50)) (&& (== net471) (< net45)) (== netcoreapp2.0) (== netstandard2.0)
      Microsoft.NETCore.Targets (>= 1.0.1) - restriction: || (&& (== net471) (>= dnxcore50)) (&& (== net471) (< net45)) (== netcoreapp2.0) (== netstandard2.0)
      System.Runtime (>= 4.1) - restriction: || (&& (== net471) (>= dnxcore50)) (&& (== net471) (< net45)) (== netcoreapp2.0) (== netstandard2.0)
    System.Diagnostics.DiagnosticSource (4.0)
      System.Collections (>= 4.0.11) - restriction: || (&& (== net471) (< net45)) (== netcoreapp2.0) (== netstandard2.0)
      System.Diagnostics.Tracing (>= 4.1) - restriction: || (&& (== net471) (< net45)) (== netcoreapp2.0) (== netstandard2.0)
      System.Reflection (>= 4.1) - restriction: || (&& (== net471) (< net45)) (== netcoreapp2.0) (== netstandard2.0)
      System.Runtime (>= 4.1) - restriction: || (&& (== net471) (< net45)) (== netcoreapp2.0) (== netstandard2.0)
      System.Threading (>= 4.0.11) - restriction: || (&& (== net471) (< net45)) (== netcoreapp2.0) (== netstandard2.0)
    System.Diagnostics.Tracing (4.1) - restriction: || (&& (== net471) (>= dnxcore50)) (&& (== net471) (< net45)) (== netcoreapp2.0) (== netstandard2.0)
      Microsoft.NETCore.Platforms (>= 1.0.1) - restriction: || (&& (== net471) (>= dnxcore50)) (&& (== net471) (< net45)) (== netcoreapp2.0) (== netstandard2.0)
      Microsoft.NETCore.Targets (>= 1.0.1) - restriction: || (&& (== net471) (>= dnxcore50)) (&& (== net471) (< net45)) (== netcoreapp2.0) (== netstandard2.0)
      System.Runtime (>= 4.1) - restriction: || (&& (== net471) (>= dnxcore50)) (&& (== net471) (< net45)) (== netcoreapp2.0) (== netstandard2.0)
    System.Globalization (4.0.11) - restriction: || (&& (== net471) (>= dnxcore50)) (&& (== net471) (< net45)) (== netcoreapp2.0) (== netstandard2.0)
      Microsoft.NETCore.Platforms (>= 1.0.1) - restriction: || (&& (== net471) (>= dnxcore50)) (&& (== net471) (< net45)) (== netcoreapp2.0) (== netstandard2.0)
      Microsoft.NETCore.Targets (>= 1.0.1) - restriction: || (&& (== net471) (>= dnxcore50)) (&& (== net471) (< net45)) (== netcoreapp2.0) (== netstandard2.0)
      System.Runtime (>= 4.1) - restriction: || (&& (== net471) (>= dnxcore50)) (&& (== net471) (< net45)) (== netcoreapp2.0) (== netstandard2.0)
    System.Globalization.Calendars (4.0.1) - restriction: || (&& (== net471) (>= dnxcore50)) (&& (== net471) (< net46)) (== netcoreapp2.0) (== netstandard2.0)
      Microsoft.NETCore.Platforms (>= 1.0.1) - restriction: || (&& (== net471) (< net46)) (== netcoreapp2.0) (== netstandard2.0)
      Microsoft.NETCore.Targets (>= 1.0.1) - restriction: || (&& (== net471) (< net46)) (== netcoreapp2.0) (== netstandard2.0)
      System.Globalization (>= 4.0.11) - restriction: || (&& (== net471) (< net46)) (== netcoreapp2.0) (== netstandard2.0)
      System.Runtime (>= 4.1) - restriction: || (&& (== net471) (< net46)) (== netcoreapp2.0) (== netstandard2.0)
    System.Globalization.Extensions (4.0.1) - restriction: || (&& (== net471) (< net45)) (== netcoreapp2.0) (== netstandard2.0)
      Microsoft.NETCore.Platforms (>= 1.0.1) - restriction: || (&& (== net471) (< net46)) (== netcoreapp2.0) (== netstandard2.0)
      System.Globalization (>= 4.0.11) - restriction: || (&& (== net471) (< net46)) (== netcoreapp2.0) (== netstandard2.0)
      System.Resources.ResourceManager (>= 4.0.1) - restriction: || (&& (== net471) (< net46)) (== netcoreapp2.0) (== netstandard2.0)
      System.Runtime (>= 4.1) - restriction: || (&& (== net471) (< net46)) (== netcoreapp2.0) (== netstandard2.0)
      System.Runtime.Extensions (>= 4.1) - restriction: || (&& (== net471) (< net46)) (== netcoreapp2.0) (== netstandard2.0)
      System.Runtime.InteropServices (>= 4.1) - restriction: || (&& (== net471) (< net46)) (== netcoreapp2.0) (== netstandard2.0)
    System.IO (4.1)
      Microsoft.NETCore.Platforms (>= 1.0.1) - restriction: || (&& (== net471) (>= dnxcore50)) (&& (== net471) (< net45)) (== netcoreapp2.0) (== netstandard2.0)
      Microsoft.NETCore.Targets (>= 1.0.1) - restriction: || (&& (== net471) (>= dnxcore50)) (&& (== net471) (< net45)) (== netcoreapp2.0) (== netstandard2.0)
      System.Runtime (>= 4.1) - restriction: || (&& (== net471) (>= dnxcore50)) (&& (== net471) (< net45)) (== netcoreapp2.0) (== netstandard2.0)
      System.Text.Encoding (>= 4.0.11) - restriction: || (&& (== net471) (>= dnxcore50)) (&& (== net471) (< net45)) (== netcoreapp2.0) (== netstandard2.0)
      System.Threading.Tasks (>= 4.0.11) - restriction: || (&& (== net471) (>= dnxcore50)) (&& (== net471) (< net45)) (== netcoreapp2.0) (== netstandard2.0)
    System.IO.FileSystem (4.0.1)
      Microsoft.NETCore.Platforms (>= 1.0.1) - restriction: || (&& (== net471) (< net46)) (== netcoreapp2.0) (== netstandard2.0)
      Microsoft.NETCore.Targets (>= 1.0.1) - restriction: || (&& (== net471) (< net46)) (== netcoreapp2.0) (== netstandard2.0)
      System.IO (>= 4.1) - restriction: || (&& (== net471) (< net46)) (== netcoreapp2.0) (== netstandard2.0)
      System.IO.FileSystem.Primitives (>= 4.0.1)
      System.Runtime (>= 4.1) - restriction: || (&& (== net471) (< net46)) (== netcoreapp2.0) (== netstandard2.0)
      System.Runtime.Handles (>= 4.0.1) - restriction: || (&& (== net471) (< net46)) (== netcoreapp2.0) (== netstandard2.0)
      System.Text.Encoding (>= 4.0.11) - restriction: || (&& (== net471) (< net46)) (== netcoreapp2.0) (== netstandard2.0)
      System.Threading.Tasks (>= 4.0.11) - restriction: || (&& (== net471) (< net46)) (== netcoreapp2.0) (== netstandard2.0)
    System.IO.FileSystem.Primitives (4.0.1)
      System.Runtime (>= 4.1) - restriction: || (&& (== net471) (< net46)) (== netcoreapp2.0) (== netstandard2.0)
    System.Linq (4.1) - restriction: || (&& (== net471) (< net46)) (== netcoreapp2.0) (== netstandard2.0)
      System.Collections (>= 4.0.11) - restriction: || (&& (== net471) (>= dnxcore50)) (&& (== net471) (< net45)) (== netcoreapp2.0) (== netstandard2.0)
      System.Diagnostics.Debug (>= 4.0.11) - restriction: || (&& (== net471) (>= dnxcore50)) (&& (== net471) (< net45)) (== netcoreapp2.0) (== netstandard2.0)
      System.Resources.ResourceManager (>= 4.0.1) - restriction: || (&& (== net471) (>= dnxcore50)) (&& (== net471) (< net45)) (== netcoreapp2.0) (== netstandard2.0)
      System.Runtime (>= 4.1) - restriction: || (&& (== net471) (>= dnxcore50)) (&& (== net471) (< net45)) (== netcoreapp2.0) (== netstandard2.0)
      System.Runtime.Extensions (>= 4.1) - restriction: || (&& (== net471) (>= dnxcore50)) (&& (== net471) (< net45)) (== netcoreapp2.0) (== netstandard2.0)
    System.Net.Http (4.1.3)
      Microsoft.NETCore.Platforms (>= 1.0.2) - restriction: || (&& (== net471) (>= dnxcore50)) (&& (== net471) (< net45)) (== netcoreapp2.0) (== netstandard2.0)
      Microsoft.Win32.Primitives (>= 4.0.1) - restriction: || (== net471) (&& (== netcoreapp2.0) (>= net46)) (&& (== netcoreapp2.0) (< netstandard1.6)) (&& (== netstandard2.0) (>= net46)) (&& (== netstandard2.0) (< netstandard1.6))
      runtime.native.System (>= 4.0) - restriction: || (&& (== net471) (< net45)) (== netcoreapp2.0) (== netstandard2.0)
      runtime.native.System.Net.Http (>= 4.0.1) - restriction: || (&& (== net471) (< net45)) (== netcoreapp2.0) (== netstandard2.0)
      runtime.native.System.Security.Cryptography (>= 4.0.2) - restriction: || (&& (== net471) (< net45)) (== netcoreapp2.0) (== netstandard2.0)
      System.Collections (>= 4.0.11) - restriction: || (&& (== net471) (>= dnxcore50)) (&& (== net471) (< net45)) (== netcoreapp2.0) (== netstandard2.0)
      System.Diagnostics.Debug (>= 4.0.11) - restriction: || (&& (== net471) (>= dnxcore50)) (&& (== net471) (< net45)) (== netcoreapp2.0) (== netstandard2.0)
      System.Diagnostics.DiagnosticSource (>= 4.0)
      System.Diagnostics.Tracing (>= 4.1) - restriction: || (&& (== net471) (>= dnxcore50)) (&& (== net471) (< net45)) (== netcoreapp2.0) (== netstandard2.0)
      System.Globalization (>= 4.0.11) - restriction: || (&& (== net471) (>= dnxcore50)) (&& (== net471) (< net45)) (== netcoreapp2.0) (== netstandard2.0)
      System.Globalization.Extensions (>= 4.0.1) - restriction: || (&& (== net471) (< net45)) (== netcoreapp2.0) (== netstandard2.0)
      System.IO (>= 4.1) - restriction: || (&& (== net471) (>= dnxcore50)) (&& (== net471) (< net45)) (== netcoreapp2.0) (== netstandard2.0)
      System.IO.FileSystem (>= 4.0.1) - restriction: || (&& (== net471) (< net45)) (== netcoreapp2.0) (== netstandard2.0)
      System.Net.Primitives (>= 4.0.11) - restriction: || (&& (== net471) (>= dnxcore50)) (&& (== net471) (< net45)) (== netcoreapp2.0) (== netstandard2.0)
      System.Resources.ResourceManager (>= 4.0.1) - restriction: || (&& (== net471) (>= dnxcore50)) (&& (== net471) (< net45)) (== netcoreapp2.0) (== netstandard2.0)
      System.Runtime (>= 4.1) - restriction: || (&& (== net471) (>= dnxcore50)) (&& (== net471) (< net45)) (== netcoreapp2.0) (== netstandard2.0)
      System.Runtime.Extensions (>= 4.1) - restriction: || (&& (== net471) (>= dnxcore50)) (&& (== net471) (< net45)) (== netcoreapp2.0) (== netstandard2.0)
      System.Runtime.Handles (>= 4.0.1) - restriction: || (&& (== net471) (< net45)) (== netcoreapp2.0) (== netstandard2.0)
      System.Runtime.InteropServices (>= 4.1) - restriction: || (&& (== net471) (>= dnxcore50)) (&& (== net471) (< net45)) (== netcoreapp2.0) (== netstandard2.0)
      System.Security.Cryptography.Algorithms (>= 4.2) - restriction: || (&& (== net471) (< net45)) (== netcoreapp2.0) (== netstandard2.0)
      System.Security.Cryptography.Encoding (>= 4.0)
      System.Security.Cryptography.OpenSsl (>= 4.0) - restriction: || (&& (== net471) (< net45)) (== netcoreapp2.0) (== netstandard2.0)
      System.Security.Cryptography.Primitives (>= 4.0) - restriction: || (&& (== net471) (< net45)) (== netcoreapp2.0) (== netstandard2.0)
      System.Security.Cryptography.X509Certificates (>= 4.1)
      System.Text.Encoding (>= 4.0.11) - restriction: || (&& (== net471) (>= dnxcore50)) (&& (== net471) (< net45)) (== netcoreapp2.0) (== netstandard2.0)
      System.Threading (>= 4.0.11) - restriction: || (&& (== net471) (>= dnxcore50)) (&& (== net471) (< net45)) (== netcoreapp2.0) (== netstandard2.0)
      System.Threading.Tasks (>= 4.0.11) - restriction: || (&& (== net471) (>= dnxcore50)) (&& (== net471) (< net45)) (== netcoreapp2.0) (== netstandard2.0)
    System.Net.NameResolution (4.0)
      Microsoft.NETCore.Platforms (>= 1.0.1) - restriction: || (&& (== net471) (>= dnxcore50)) (&& (== net471) (< net46)) (== netcoreapp2.0) (== netstandard2.0)
      runtime.native.System (>= 4.0) - restriction: || (&& (== net471) (< net46)) (== netcoreapp2.0) (== netstandard2.0)
      System.Collections (>= 4.0.11) - restriction: || (&& (== net471) (>= dnxcore50)) (&& (== net471) (< net46)) (== netcoreapp2.0) (== netstandard2.0)
      System.Diagnostics.Tracing (>= 4.1) - restriction: || (&& (== net471) (>= dnxcore50)) (&& (== net471) (< net46)) (== netcoreapp2.0) (== netstandard2.0)
      System.Globalization (>= 4.0.11) - restriction: || (&& (== net471) (>= dnxcore50)) (&& (== net471) (< net46)) (== netcoreapp2.0) (== netstandard2.0)
      System.Net.Primitives (>= 4.0.11) - restriction: || (&& (== net471) (>= dnxcore50)) (&& (== net471) (< net46)) (== netcoreapp2.0) (== netstandard2.0)
      System.Resources.ResourceManager (>= 4.0.1) - restriction: || (&& (== net471) (>= dnxcore50)) (&& (== net471) (< net46)) (== netcoreapp2.0) (== netstandard2.0)
      System.Runtime (>= 4.1) - restriction: || (&& (== net471) (>= dnxcore50)) (&& (== net471) (< net46)) (== netcoreapp2.0) (== netstandard2.0)
      System.Runtime.Extensions (>= 4.1) - restriction: || (&& (== net471) (>= dnxcore50)) (&& (== net471) (< net46)) (== netcoreapp2.0) (== netstandard2.0)
      System.Runtime.Handles (>= 4.0.1) - restriction: || (&& (== net471) (>= dnxcore50)) (&& (== net471) (< net46)) (== netcoreapp2.0) (== netstandard2.0)
      System.Runtime.InteropServices (>= 4.1) - restriction: || (&& (== net471) (>= dnxcore50)) (&& (== net471) (< net46)) (== netcoreapp2.0) (== netstandard2.0)
      System.Security.Principal.Windows (>= 4.0) - restriction: || (&& (== net471) (< net46)) (== netcoreapp2.0) (== netstandard2.0)
      System.Threading (>= 4.0.11) - restriction: || (&& (== net471) (>= dnxcore50)) (&& (== net471) (< net46)) (== netcoreapp2.0) (== netstandard2.0)
      System.Threading.Tasks (>= 4.0.11) - restriction: || (&& (== net471) (>= dnxcore50)) (&& (== net471) (< net46)) (== netcoreapp2.0) (== netstandard2.0)
    System.Net.Primitives (4.0.11) - restriction: || (&& (== net471) (>= dnxcore50)) (&& (== net471) (< net45)) (== netcoreapp2.0) (== netstandard2.0)
      Microsoft.NETCore.Platforms (>= 1.0.1) - restriction: || (&& (== net471) (>= dnxcore50)) (&& (== net471) (< net45)) (&& (== net471) (< netstandard1.1)) (== netcoreapp2.0) (== netstandard2.0)
      Microsoft.NETCore.Targets (>= 1.0.1) - restriction: || (&& (== net471) (>= dnxcore50)) (&& (== net471) (< net45)) (&& (== net471) (< netstandard1.1)) (== netcoreapp2.0) (== netstandard2.0)
      System.Runtime (>= 4.1) - restriction: || (&& (== net471) (>= dnxcore50)) (&& (== net471) (< net45)) (&& (== net471) (< netstandard1.1)) (== netcoreapp2.0) (== netstandard2.0)
      System.Runtime.Handles (>= 4.0.1) - restriction: || (&& (== net471) (>= dnxcore50)) (&& (== net471) (< net45)) (== netcoreapp2.0) (== netstandard2.0)
    System.Reflection (4.1) - restriction: || (&& (== net471) (< net45)) (== netcoreapp2.0) (== netstandard2.0)
      Microsoft.NETCore.Platforms (>= 1.0.1) - restriction: || (&& (== net471) (>= dnxcore50)) (&& (== net471) (< net45)) (== netcoreapp2.0) (== netstandard2.0)
      Microsoft.NETCore.Targets (>= 1.0.1) - restriction: || (&& (== net471) (>= dnxcore50)) (&& (== net471) (< net45)) (== netcoreapp2.0) (== netstandard2.0)
      System.IO (>= 4.1) - restriction: || (&& (== net471) (>= dnxcore50)) (&& (== net471) (< net45)) (== netcoreapp2.0) (== netstandard2.0)
      System.Reflection.Primitives (>= 4.0.1) - restriction: || (&& (== net471) (>= dnxcore50)) (&& (== net471) (< net45)) (== netcoreapp2.0) (== netstandard2.0)
      System.Runtime (>= 4.1) - restriction: || (&& (== net471) (>= dnxcore50)) (&& (== net471) (< net45)) (== netcoreapp2.0) (== netstandard2.0)
    System.Reflection.Primitives (4.0.1) - restriction: || (&& (== net471) (>= dnxcore50)) (&& (== net471) (< net45)) (== netcoreapp2.0) (== netstandard2.0)
      Microsoft.NETCore.Platforms (>= 1.0.1) - restriction: || (&& (== net471) (>= dnxcore50)) (&& (== net471) (< net45)) (== netcoreapp2.0) (== netstandard2.0)
      Microsoft.NETCore.Targets (>= 1.0.1) - restriction: || (&& (== net471) (>= dnxcore50)) (&& (== net471) (< net45)) (== netcoreapp2.0) (== netstandard2.0)
      System.Runtime (>= 4.1) - restriction: || (&& (== net471) (>= dnxcore50)) (&& (== net471) (< net45)) (== netcoreapp2.0) (== netstandard2.0)
    System.Resources.ResourceManager (4.0.1) - restriction: || (&& (== net471) (>= dnxcore50)) (&& (== net471) (< net46)) (== netcoreapp2.0) (== netstandard2.0)
      Microsoft.NETCore.Platforms (>= 1.0.1) - restriction: || (&& (== net471) (>= dnxcore50)) (&& (== net471) (< net45)) (== netcoreapp2.0) (== netstandard2.0)
      Microsoft.NETCore.Targets (>= 1.0.1) - restriction: || (&& (== net471) (>= dnxcore50)) (&& (== net471) (< net45)) (== netcoreapp2.0) (== netstandard2.0)
      System.Globalization (>= 4.0.11) - restriction: || (&& (== net471) (>= dnxcore50)) (&& (== net471) (< net45)) (== netcoreapp2.0) (== netstandard2.0)
      System.Reflection (>= 4.1) - restriction: || (&& (== net471) (>= dnxcore50)) (&& (== net471) (< net45)) (== netcoreapp2.0) (== netstandard2.0)
      System.Runtime (>= 4.1) - restriction: || (&& (== net471) (>= dnxcore50)) (&& (== net471) (< net45)) (== netcoreapp2.0) (== netstandard2.0)
    System.Runtime (4.1)
      Microsoft.NETCore.Platforms (>= 1.0.1) - restriction: || (&& (== net471) (>= dnxcore50)) (&& (== net471) (< net45)) (== netcoreapp2.0) (== netstandard2.0)
      Microsoft.NETCore.Targets (>= 1.0.1) - restriction: || (&& (== net471) (>= dnxcore50)) (&& (== net471) (< net45)) (== netcoreapp2.0) (== netstandard2.0)
    System.Runtime.Extensions (4.1)
      Microsoft.NETCore.Platforms (>= 1.0.1) - restriction: || (&& (== net471) (>= dnxcore50)) (&& (== net471) (< net45)) (== netcoreapp2.0) (== netstandard2.0)
      Microsoft.NETCore.Targets (>= 1.0.1) - restriction: || (&& (== net471) (>= dnxcore50)) (&& (== net471) (< net45)) (== netcoreapp2.0) (== netstandard2.0)
      System.Runtime (>= 4.1) - restriction: || (&& (== net471) (>= dnxcore50)) (&& (== net471) (< net45)) (== netcoreapp2.0) (== netstandard2.0)
    System.Runtime.Handles (4.0.1) - restriction: || (&& (== net471) (>= dnxcore50)) (&& (== net471) (< net46)) (== netcoreapp2.0) (== netstandard2.0)
      Microsoft.NETCore.Platforms (>= 1.0.1) - restriction: || (&& (== net471) (< net46)) (== netcoreapp2.0) (== netstandard2.0)
      Microsoft.NETCore.Targets (>= 1.0.1) - restriction: || (&& (== net471) (< net46)) (== netcoreapp2.0) (== netstandard2.0)
      System.Runtime (>= 4.1) - restriction: || (&& (== net471) (< net46)) (== netcoreapp2.0) (== netstandard2.0)
    System.Runtime.InteropServices (4.1) - restriction: || (&& (== net471) (>= dnxcore50)) (&& (== net471) (< net46)) (== netcoreapp2.0) (== netstandard2.0)
      Microsoft.NETCore.Platforms (>= 1.0.1) - restriction: || (&& (== net471) (>= dnxcore50)) (&& (== net471) (< net45)) (== netcoreapp2.0) (== netstandard2.0)
      Microsoft.NETCore.Targets (>= 1.0.1) - restriction: || (&& (== net471) (>= dnxcore50)) (&& (== net471) (< net45)) (== netcoreapp2.0) (== netstandard2.0)
      System.Reflection (>= 4.1) - restriction: || (&& (== net471) (>= dnxcore50)) (&& (== net471) (< net45)) (== netcoreapp2.0) (== netstandard2.0)
      System.Reflection.Primitives (>= 4.0.1) - restriction: || (&& (== net471) (>= dnxcore50)) (&& (== net471) (< net45)) (== netcoreapp2.0) (== netstandard2.0)
      System.Runtime (>= 4.1)
      System.Runtime.Handles (>= 4.0.1) - restriction: || (&& (== net471) (>= dnxcore50)) (&& (== net471) (< net45)) (== netcoreapp2.0) (== netstandard2.0)
    System.Runtime.Numerics (4.0.1) - restriction: || (&& (== net471) (< net46)) (== netcoreapp2.0) (== netstandard2.0)
      System.Globalization (>= 4.0.11) - restriction: || (&& (== net471) (>= dnxcore50)) (&& (== net471) (< net45)) (== netcoreapp2.0) (== netstandard2.0)
      System.Resources.ResourceManager (>= 4.0.1) - restriction: || (&& (== net471) (>= dnxcore50)) (&& (== net471) (< net45)) (== netcoreapp2.0) (== netstandard2.0)
      System.Runtime (>= 4.1) - restriction: || (&& (== net471) (>= dnxcore50)) (&& (== net471) (< net45)) (== netcoreapp2.0) (== netstandard2.0)
      System.Runtime.Extensions (>= 4.1) - restriction: || (&& (== net471) (>= dnxcore50)) (&& (== net471) (< net45)) (== netcoreapp2.0) (== netstandard2.0)
    System.Security.Cryptography.Algorithms (4.2.1)
      Microsoft.NETCore.Platforms (>= 1.0.2) - restriction: || (&& (== net471) (>= dnxcore50)) (&& (== net471) (< net46)) (== netcoreapp2.0) (== netstandard2.0)
      runtime.native.System.Security.Cryptography (>= 4.0.3) - restriction: || (&& (== net471) (< net46)) (== netcoreapp2.0) (== netstandard2.0)
      System.Collections (>= 4.0.11) - restriction: || (&& (== net471) (< net46)) (== netcoreapp2.0) (== netstandard2.0)
      System.IO (>= 4.1)
      System.Resources.ResourceManager (>= 4.0.1) - restriction: || (&& (== net471) (>= dnxcore50)) (&& (== net471) (< net46)) (== netcoreapp2.0) (== netstandard2.0)
      System.Runtime (>= 4.1)
      System.Runtime.Extensions (>= 4.1) - restriction: || (&& (== net471) (>= dnxcore50)) (&& (== net471) (< net46)) (== netcoreapp2.0) (== netstandard2.0)
      System.Runtime.Handles (>= 4.0.1) - restriction: || (&& (== net471) (>= dnxcore50)) (&& (== net471) (< net46)) (== netcoreapp2.0) (== netstandard2.0)
      System.Runtime.InteropServices (>= 4.1) - restriction: || (&& (== net471) (>= dnxcore50)) (&& (== net471) (< net46)) (== netcoreapp2.0) (== netstandard2.0)
      System.Runtime.Numerics (>= 4.0.1) - restriction: || (&& (== net471) (< net46)) (== netcoreapp2.0) (== netstandard2.0)
      System.Security.Cryptography.Encoding (>= 4.0)
      System.Security.Cryptography.Primitives (>= 4.0)
      System.Text.Encoding (>= 4.0.11) - restriction: || (&& (== net471) (>= dnxcore50)) (&& (== net471) (< net46)) (== netcoreapp2.0) (== netstandard2.0)
    System.Security.Cryptography.Cng (4.4) - restriction: || (&& (== net471) (>= dnxcore50)) (&& (== net471) (< net46)) (== netcoreapp2.0) (== netstandard2.0)
      Microsoft.NETCore.Platforms (>= 2.0) - restriction: || (&& (== net471) (>= netcoreapp2.0)) (== netcoreapp2.0) (&& (== netstandard2.0) (>= netcoreapp2.0))
    System.Security.Cryptography.Csp (4.0) - restriction: || (&& (== net471) (< net46)) (== netcoreapp2.0) (== netstandard2.0)
      Microsoft.NETCore.Platforms (>= 1.0.1) - restriction: || (&& (== net471) (< net46)) (== netcoreapp2.0) (== netstandard2.0)
      System.IO (>= 4.1) - restriction: || (&& (== net471) (< net46)) (== netcoreapp2.0) (== netstandard2.0)
      System.Reflection (>= 4.1) - restriction: || (&& (== net471) (< net46)) (== netcoreapp2.0) (== netstandard2.0)
      System.Resources.ResourceManager (>= 4.0.1) - restriction: || (&& (== net471) (< net46)) (== netcoreapp2.0) (== netstandard2.0)
      System.Runtime (>= 4.1) - restriction: || (&& (== net471) (< net46)) (== netcoreapp2.0) (== netstandard2.0)
      System.Runtime.Extensions (>= 4.1) - restriction: || (&& (== net471) (< net46)) (== netcoreapp2.0) (== netstandard2.0)
      System.Runtime.Handles (>= 4.0.1) - restriction: || (&& (== net471) (< net46)) (== netcoreapp2.0) (== netstandard2.0)
      System.Runtime.InteropServices (>= 4.1) - restriction: || (&& (== net471) (< net46)) (== netcoreapp2.0) (== netstandard2.0)
      System.Security.Cryptography.Algorithms (>= 4.2)
      System.Security.Cryptography.Encoding (>= 4.0) - restriction: || (&& (== net471) (< net46)) (== netcoreapp2.0) (== netstandard2.0)
      System.Security.Cryptography.Primitives (>= 4.0)
      System.Text.Encoding (>= 4.0.11) - restriction: || (&& (== net471) (< net46)) (== netcoreapp2.0) (== netstandard2.0)
      System.Threading (>= 4.0.11) - restriction: || (&& (== net471) (< net46)) (== netcoreapp2.0) (== netstandard2.0)
    System.Security.Cryptography.Encoding (4.0)
      Microsoft.NETCore.Platforms (>= 1.0.1) - restriction: || (&& (== net471) (< net46)) (== netcoreapp2.0) (== netstandard2.0)
      runtime.native.System.Security.Cryptography (>= 4.0) - restriction: || (&& (== net471) (< net46)) (== netcoreapp2.0) (== netstandard2.0)
      System.Collections (>= 4.0.11) - restriction: || (&& (== net471) (< net46)) (== netcoreapp2.0) (== netstandard2.0)
      System.Collections.Concurrent (>= 4.0.12) - restriction: || (&& (== net471) (< net46)) (== netcoreapp2.0) (== netstandard2.0)
      System.Linq (>= 4.1) - restriction: || (&& (== net471) (< net46)) (== netcoreapp2.0) (== netstandard2.0)
      System.Resources.ResourceManager (>= 4.0.1) - restriction: || (&& (== net471) (< net46)) (== netcoreapp2.0) (== netstandard2.0)
      System.Runtime (>= 4.1) - restriction: || (&& (== net471) (< net46)) (== netcoreapp2.0) (== netstandard2.0)
      System.Runtime.Extensions (>= 4.1) - restriction: || (&& (== net471) (< net46)) (== netcoreapp2.0) (== netstandard2.0)
      System.Runtime.Handles (>= 4.0.1) - restriction: || (&& (== net471) (< net46)) (== netcoreapp2.0) (== netstandard2.0)
      System.Runtime.InteropServices (>= 4.1) - restriction: || (&& (== net471) (< net46)) (== netcoreapp2.0) (== netstandard2.0)
      System.Security.Cryptography.Primitives (>= 4.0) - restriction: || (&& (== net471) (< net46)) (== netcoreapp2.0) (== netstandard2.0)
      System.Text.Encoding (>= 4.0.11) - restriction: || (&& (== net471) (< net46)) (== netcoreapp2.0) (== netstandard2.0)
    System.Security.Cryptography.OpenSsl (4.4) - restriction: || (&& (== net471) (< net45)) (== netcoreapp2.0) (== netstandard2.0)
      Microsoft.NETCore.Platforms (>= 2.0) - restriction: || (&& (== net471) (>= netcoreapp2.0)) (== netcoreapp2.0) (&& (== netstandard2.0) (>= netcoreapp2.0))
    System.Security.Cryptography.Primitives (4.0)
      System.Diagnostics.Debug (>= 4.0.11) - restriction: || (&& (== net471) (< net46)) (== netcoreapp2.0) (== netstandard2.0)
      System.Globalization (>= 4.0.11) - restriction: || (&& (== net471) (< net46)) (== netcoreapp2.0) (== netstandard2.0)
      System.IO (>= 4.1) - restriction: || (&& (== net471) (< net46)) (== netcoreapp2.0) (== netstandard2.0)
      System.Resources.ResourceManager (>= 4.0.1) - restriction: || (&& (== net471) (< net46)) (== netcoreapp2.0) (== netstandard2.0)
      System.Runtime (>= 4.1) - restriction: || (&& (== net471) (< net46)) (== netcoreapp2.0) (== netstandard2.0)
      System.Threading (>= 4.0.11) - restriction: || (&& (== net471) (< net46)) (== netcoreapp2.0) (== netstandard2.0)
      System.Threading.Tasks (>= 4.0.11) - restriction: || (&& (== net471) (< net46)) (== netcoreapp2.0) (== netstandard2.0)
    System.Security.Cryptography.X509Certificates (4.1.2)
      Microsoft.NETCore.Platforms (>= 1.0.2) - restriction: || (&& (== net471) (>= dnxcore50)) (&& (== net471) (< net46)) (== netcoreapp2.0) (== netstandard2.0)
      runtime.native.System (>= 4.0) - restriction: || (&& (== net471) (< net46)) (== netcoreapp2.0) (== netstandard2.0)
      runtime.native.System.Net.Http (>= 4.0.1) - restriction: || (&& (== net471) (< net46)) (== netcoreapp2.0) (== netstandard2.0)
      runtime.native.System.Security.Cryptography (>= 4.0.3) - restriction: || (&& (== net471) (< net46)) (== netcoreapp2.0) (== netstandard2.0)
      System.Collections (>= 4.0.11) - restriction: || (&& (== net471) (>= dnxcore50)) (&& (== net471) (< net46)) (== netcoreapp2.0) (== netstandard2.0)
      System.Diagnostics.Debug (>= 4.0.11) - restriction: || (&& (== net471) (< net46)) (== netcoreapp2.0) (== netstandard2.0)
      System.Globalization (>= 4.0.11) - restriction: || (&& (== net471) (>= dnxcore50)) (&& (== net471) (< net46)) (== netcoreapp2.0) (== netstandard2.0)
      System.Globalization.Calendars (>= 4.0.1) - restriction: || (&& (== net471) (>= dnxcore50)) (&& (== net471) (< net46)) (== netcoreapp2.0) (== netstandard2.0)
      System.IO (>= 4.1) - restriction: || (&& (== net471) (>= dnxcore50)) (&& (== net471) (< net46)) (== netcoreapp2.0) (== netstandard2.0)
      System.IO.FileSystem (>= 4.0.1) - restriction: || (&& (== net471) (>= dnxcore50)) (&& (== net471) (< net46)) (== netcoreapp2.0) (== netstandard2.0)
      System.IO.FileSystem.Primitives (>= 4.0.1) - restriction: || (&& (== net471) (< net46)) (== netcoreapp2.0) (== netstandard2.0)
      System.Resources.ResourceManager (>= 4.0.1) - restriction: || (&& (== net471) (>= dnxcore50)) (&& (== net471) (< net46)) (== netcoreapp2.0) (== netstandard2.0)
      System.Runtime (>= 4.1) - restriction: || (&& (== net471) (>= dnxcore50)) (&& (== net471) (< net46)) (== netcoreapp2.0) (== netstandard2.0)
      System.Runtime.Extensions (>= 4.1) - restriction: || (&& (== net471) (>= dnxcore50)) (&& (== net471) (< net46)) (== netcoreapp2.0) (== netstandard2.0)
      System.Runtime.Handles (>= 4.0.1) - restriction: || (&& (== net471) (>= dnxcore50)) (&& (== net471) (< net46)) (== netcoreapp2.0) (== netstandard2.0)
      System.Runtime.InteropServices (>= 4.1) - restriction: || (&& (== net471) (>= dnxcore50)) (&& (== net471) (< net46)) (== netcoreapp2.0) (== netstandard2.0)
      System.Runtime.Numerics (>= 4.0.1) - restriction: || (&& (== net471) (>= dnxcore50)) (&& (== net471) (< net46)) (== netcoreapp2.0) (== netstandard2.0)
      System.Security.Cryptography.Algorithms (>= 4.2)
      System.Security.Cryptography.Cng (>= 4.2) - restriction: || (&& (== net471) (>= dnxcore50)) (&& (== net471) (< net46)) (== netcoreapp2.0) (== netstandard2.0)
      System.Security.Cryptography.Csp (>= 4.0) - restriction: || (&& (== net471) (< net46)) (== netcoreapp2.0) (== netstandard2.0)
      System.Security.Cryptography.Encoding (>= 4.0)
      System.Security.Cryptography.OpenSsl (>= 4.0) - restriction: || (&& (== net471) (< net46)) (== netcoreapp2.0) (== netstandard2.0)
      System.Security.Cryptography.Primitives (>= 4.0) - restriction: || (&& (== net471) (>= dnxcore50)) (&& (== net471) (< net46)) (== netcoreapp2.0) (== netstandard2.0)
      System.Text.Encoding (>= 4.0.11) - restriction: || (&& (== net471) (>= dnxcore50)) (&& (== net471) (< net46)) (== netcoreapp2.0) (== netstandard2.0)
      System.Threading (>= 4.0.11) - restriction: || (&& (== net471) (>= dnxcore50)) (&& (== net471) (< net46)) (== netcoreapp2.0) (== netstandard2.0)
    System.Security.Principal.Windows (4.4.1) - restriction: || (&& (== net471) (< net46)) (== netcoreapp2.0) (== netstandard2.0)
      Microsoft.NETCore.Platforms (>= 2.0) - restriction: || (&& (== net471) (>= netcoreapp2.0)) (== netcoreapp2.0) (&& (== netstandard2.0) (>= netcoreapp2.0))
    System.Text.Encoding (4.0.11) - restriction: || (&& (== net471) (>= dnxcore50)) (&& (== net471) (< net46)) (== netcoreapp2.0) (== netstandard2.0)
      Microsoft.NETCore.Platforms (>= 1.0.1) - restriction: || (&& (== net471) (>= dnxcore50)) (&& (== net471) (< net45)) (== netcoreapp2.0) (== netstandard2.0)
      Microsoft.NETCore.Targets (>= 1.0.1) - restriction: || (&& (== net471) (>= dnxcore50)) (&& (== net471) (< net45)) (== netcoreapp2.0) (== netstandard2.0)
      System.Runtime (>= 4.1) - restriction: || (&& (== net471) (>= dnxcore50)) (&& (== net471) (< net45)) (== netcoreapp2.0) (== netstandard2.0)
    System.Threading (4.0.11) - restriction: || (&& (== net471) (>= dnxcore50)) (&& (== net471) (< net45)) (== netcoreapp2.0) (== netstandard2.0)
      System.Runtime (>= 4.1) - restriction: || (&& (== net471) (>= dnxcore50)) (&& (== net471) (< net45)) (== netcoreapp2.0) (== netstandard2.0)
      System.Threading.Tasks (>= 4.0.11) - restriction: || (&& (== net471) (>= dnxcore50)) (&& (== net471) (< net45)) (== netcoreapp2.0) (== netstandard2.0)
    System.Threading.Tasks (4.0.11) - restriction: || (&& (== net471) (>= dnxcore50)) (&& (== net471) (< net45)) (== netcoreapp2.0) (== netstandard2.0)
      Microsoft.NETCore.Platforms (>= 1.0.1) - restriction: || (&& (== net471) (>= dnxcore50)) (&& (== net471) (< net45)) (== netcoreapp2.0) (== netstandard2.0)
      Microsoft.NETCore.Targets (>= 1.0.1) - restriction: || (&& (== net471) (>= dnxcore50)) (&& (== net471) (< net45)) (== netcoreapp2.0) (== netstandard2.0)
      System.Runtime (>= 4.1) - restriction: || (&& (== net471) (>= dnxcore50)) (&& (== net471) (< net45)) (== netcoreapp2.0) (== netstandard2.0)

GROUP Build
CONTENT: NONE
RESTRICTION: == net45
NUGET
  remote: https://api.nuget.org/v3/index.json
    FAKE (4.63.2) - content: none
    Mono.Cecil (0.10) - content: none
    SourceLink.Fake (1.1) - content: none
GITHUB
  remote: aardvark-platform/aardvark.fake
    FULLPROJECT (9d14226e198e89271a78d82ed981469f3d12bbaf)
      FAKE (>= 4.63 < 4.64)
      Mono.Cecil (>= 0.10.0-beta6 < 0.11)
      SourceLink.Fake (>= 1.1 < 1.2)